GEM
  remote: https://rubygems.org/
  specs:
    activesupport (7.0.4)
      concurrent-ruby (~> 1.0, >= 1.0.2)
      i18n (>= 1.6, < 2)
      minitest (>= 5.1)
      tzinfo (~> 2.0)
    ansi (1.5.0)
    ast (2.4.2)
    builder (3.2.4)
    concurrent-ruby (1.1.10)
    diff-lcs (1.5.0)
    i18n (1.12.0)
      concurrent-ruby (~> 1.0)
    json (2.6.3)
    kwalify (0.7.2)
    minitest (5.16.3)
    minitest-reporters (1.5.0)
      ansi
      builder
      minitest (>= 5.0)
      ruby-progressbar
    parallel (1.22.1)
    parser (3.1.3.0)
      ast (~> 2.4.1)
    power_assert (2.0.2)
    psych (5.0.1)
      stringio
    rainbow (3.1.1)
    rake (13.0.6)
    rdoc (6.5.0)
      psych (>= 4.0.0)
    reek (6.1.2)
      kwalify (~> 0.7.0)
      parser (~> 3.1.0)
      rainbow (>= 2.0, < 4.0)
    regexp_parser (2.6.1)
    rexml (3.2.5)
    rspec (3.12.0)
      rspec-core (~> 3.12.0)
      rspec-expectations (~> 3.12.0)
      rspec-mocks (~> 3.12.0)
    rspec-core (3.12.0)
      rspec-support (~> 3.12.0)
    rspec-expectations (3.12.1)
      diff-lcs (>= 1.2.0, < 2.0)
      rspec-support (~> 3.12.0)
    rspec-mocks (3.12.1)
      diff-lcs (>= 1.2.0, < 2.0)
      rspec-support (~> 3.12.0)
    rspec-support (3.12.0)
    rubocop (1.40.0)
      json (~> 2.3)
      parallel (~> 1.10)
      parser (>= 3.1.2.1)
      rainbow (>= 2.2.2, < 4.0)
      regexp_parser (>= 1.8, < 3.0)
      rexml (>= 3.2.5, < 4.0)
      rubocop-ast (>= 1.23.0, < 2.0)
      ruby-progressbar (~> 1.7)
      unicode-display_width (>= 1.4.0, < 3.0)
    rubocop-ast (1.24.0)
      parser (>= 3.1.1.0)
    ruby-progressbar (1.11.0)
    sdoc (2.4.0)
      rdoc (>= 5.0)
    stringio (3.0.4)
    test-unit (3.5.7)
      power_assert
    tzinfo (2.0.5)
      concurrent-ruby (~> 1.0)
    unicode-display_width (2.3.0)
    whats_up (1.2.2)
      sdoc

PLATFORMS
  ruby

DEPENDENCIES
  activesupport
  minitest
  minitest-reporters
  rake
  reek
  rspec
  rubocop
  test-unit
  whats_up

BUNDLED WITH
   2.3.21
